GIT
  remote: git://github.com/amro/gibbon.git
  revision: 7afebed1de3f9a23ad7b17887abd7850a5176581
  specs:
    gibbon (0.4.2)
      httparty
      json

GIT
  remote: git://github.com/rewritten/open_id_authentication.git
  revision: 21b0ef5a6be35a1175ba8fb279e8dab35c7c88cf
  specs:
    open_id_authentication (1.1.0)
      rack-openid (~> 1.3)

GIT
  remote: git://github.com/textacular/textacular.git
  revision: 4b938ad49515c71341e5374b4df8e132a5e24f90
  ref: 4b938ad49515c71341e5374b4df8e132a5e24f90
  specs:
    texticle (2.2.0)
      activerecord (>= 3.0, < 4.1)

GEM
  remote: https://rubygems.org/
  specs:
    aasm (3.0.19)
    actionmailer (4.0.13)
      actionpack (= 4.0.13)
      mail (~> 2.5, >= 2.5.4)
    actionpack (4.0.13)
      activesupport (= 4.0.13)
      builder (~> 3.1.0)
      erubis (~> 2.7.0)
      rack (~> 1.5.2)
      rack-test (~> 0.6.2)
    activemodel (4.0.13)
      activesupport (= 4.0.13)
      builder (~> 3.1.0)
    activerecord (4.0.13)
      activemodel (= 4.0.13)
      activerecord-deprecated_finders (~> 1.0.2)
      activesupport (= 4.0.13)
      arel (~> 4.0.0)
    activerecord-deprecated_finders (1.0.4)
    activesupport (4.0.13)
      i18n (~> 0.6, >= 0.6.9)
      minitest (~> 4.2)
      multi_json (~> 1.3)
      thread_safe (~> 0.1)
      tzinfo (~> 0.3.37)
    acts_as_paranoid (0.5.0)
      activerecord (>= 4.0, < 5.1)
      activesupport (>= 4.0, < 5.1)
    acts_as_tree (1.6.1)
      activerecord (>= 3.0.0)
    addressable (2.3.2)
    annotate (2.5.0)
      rake
    ar_after_transaction (0.2.6)
      activerecord
    arel (4.0.2)
    artifice (0.6)
      rack-test
    audited (4.0.0)
      rails-observers (~> 0.1.2)
    audited-activerecord (4.0.0)
      activerecord (~> 4.0)
      audited (= 4.0.0)
    authlogic (3.5.0)
      activerecord (>= 3.2, < 5.1)
      activesupport (>= 3.2, < 5.1)
      request_store (~> 1.0)
      scrypt (>= 1.2, < 4.0)
    awesome_print (1.1.0)
    aws-s3 (0.6.3)
      builder
      mime-types
      xml-simple
    better_errors (0.8.0)
      coderay (>= 1.0.0)
      erubis (>= 2.6.6)
    binding_of_caller (0.7.1)
      debug_inspector (>= 0.0.1)
    bootstrap-sass (2.3.2.2)
      sass (~> 3.2)
    bootstrap_form (1.0.0)
    builder (3.1.4)
    calendar_helper (0.2.4)
      open4
    cancan (1.6.8)
    capybara (2.0.2)
      mime-types (>= 1.16)
      nokogiri (>= 1.3.3)
      rack (>= 1.0.0)
      rack-test (>= 0.5.4)
      selenium-webdriver (~> 2.0)
      xpath (~> 1.0.0)
    carrierwave (0.8.0)
      activemodel (>= 3.2.0)
      activesupport (>= 3.2.0)
    childprocess (0.3.6)
      ffi (~> 1.0, >= 1.0.6)
    coderay (1.0.8)
    coffee-rails (4.0.1)
      coffee-script (>= 2.2.0)
      railties (>= 4.0.0, < 5.0)
    coffee-script (2.4.1)
      coffee-script-source
      execjs
    coffee-script-source (1.12.2)
    concurrent-ruby (1.1.8)
    connection_pool (1.0.0)
    cucumber (1.2.1)
      builder (>= 2.1.2)
      diff-lcs (>= 1.1.3)
      gherkin (~> 2.11.0)
      json (>= 1.4.6)
    cucumber-rails (1.3.0)
      capybara (>= 1.1.2)
      cucumber (>= 1.1.8)
      nokogiri (>= 1.5.0)
    dalli (2.6.0)
    database_cleaner (0.9.1)
    debug_inspector (0.0.2)
    diff-lcs (1.1.3)
    dynamic_form (1.1.4)
    erubis (2.7.0)
    exception_notification (4.4.3)
      actionmailer (>= 4.0, < 7)
      activesupport (>= 4.0, < 7)
    excon (0.31.0)
    execjs (1.4.0)
      multi_json (~> 1.0)
    feed-normalizer (1.5.2)
      hpricot (>= 0.6)
      simple-rss (>= 1.1)
    ffi (1.3.1)
    ffi-compiler (1.0.1)
      ffi (>= 1.0.0)
      rake
    fog (1.19.0)
      builder
      excon (~> 0.31.0)
      formatador (~> 0.2.0)
      mime-types
      multi_json (~> 1.0)
      net-scp (~> 1.1)
      net-ssh (>= 2.1.3)
      nokogiri (~> 1.5)
      ruby-hmac
    font-awesome-rails (3.2.1.3)
      railties (>= 3.2, < 5.0)
    formatador (0.2.5)
    geokit (1.13.1)
    geokit-rails (2.0.1)
      geokit (~> 1.5)
      rails (>= 3.0)
    gherkin (2.11.5)
      json (>= 1.4.6)
    girl_friday (0.11.2)
      connection_pool (~> 1.0)
      rubinius-actor
    git (1.2.6)
    guard (1.6.1)
      listen (>= 0.6.0)
      lumberjack (>= 1.0.2)
      pry (>= 0.9.10)
      thor (>= 0.14.6)
    guard-spork (1.4.1)
      childprocess (>= 0.2.3)
      guard (>= 1.1)
      spork (>= 0.8.4)
    haml (4.0.7)
      tilt
    heroku-api (0.3.18)
      excon (~> 0.27)
      multi_json (~> 1.8)
    highline (1.6.20)
    hike (1.2.3)
    hpricot (0.8.6)
    httparty (0.10.0)
      multi_json (~> 1.0)
      multi_xml
    i18n (0.9.5)
      concurrent-ruby (~> 1.0)
    jquery-rails (3.1.5)
      railties (>= 3.0, < 5.0)
      thor (>= 0.14, < 2.0)
    jquery-ui-rails (4.2.1)
      railties (>= 3.2.16)
    json (1.8.6)
    kaminari (0.17.0)
      actionpack (>= 3.0.0)
      activesupport (>= 3.0.0)
    kgio (2.11.3)
    libv8 (3.11.8.17)
    libwebsocket (0.1.7.1)
      addressable
      websocket
    listen (0.7.1)
    lumberjack (1.0.2)
    macaddr (1.6.1)
      systemu (~> 2.5.0)
    mail (2.7.1)
      mini_mime (>= 0.1.1)
    memcachier (0.0.2)
    meta_request (0.2.3)
      rack-contrib
      railties
    method_source (0.8.1)
    mime-types (3.3.1)
      mime-types-data (~> 3.2015)
    mime-types-data (3.2021.0225)
    mini_mime (1.1.0)
    mini_portile2 (2.4.0)
    minitest (4.7.5)
    multi_json (1.15.0)
    multi_xml (0.5.1)
    nested_form (0.3.2)
    net-scp (1.2.1)
      net-ssh (>= 2.6.5)
    net-ssh (2.9.2)
    nokogiri (1.10.10)
      mini_portile2 (~> 2.4.0)
    oauth (0.4.7)
    open4 (1.3.0)
    opentransact (0.1.2)
      multi_json
      multi_xml
      oauth (~> 0.4.4)
    pg (0.17.1)
    power_assert (1.2.0)
    pry (0.9.10)
      coderay (~> 1.0.5)
      method_source (~> 0.8)
      slop (~> 3.3.1)
    rack (1.5.5)
    rack-contrib (1.1.0)
      rack (>= 0.9.1)
    rack-openid (1.3.1)
      rack (>= 1.1.0)
      ruby-openid (>= 2.1.8)
    rack-pjax (0.8.0)
      nokogiri (~> 1.5)
      rack (~> 1.1)
    rack-test (0.6.3)
      rack (>= 1.0)
    rails (4.0.13)
      actionmailer (= 4.0.13)
      actionpack (= 4.0.13)
      activerecord (= 4.0.13)
      activesupport (= 4.0.13)
      bundler (>= 1.3.0, < 2.0)
      railties (= 4.0.13)
      sprockets-rails (~> 2.0)
    rails-observers (0.1.5)
      activemodel (>= 4.0)
    rails_12factor (0.0.3)
      rails_serve_static_assets
      rails_stdout_logging
    rails_admin (0.5.0)
      bootstrap-sass (~> 2.3)
      builder (~> 3.1)
      coffee-rails (~> 4.0)
      font-awesome-rails (~> 3.0)
      haml (~> 4.0)
      jquery-rails (~> 3.0)
      jquery-ui-rails (~> 4.0)
      kaminari (~> 0.14)
      nested_form (~> 0.3)
      rack-pjax (~> 0.7)
      rails (~> 4.0.0)
      remotipart (~> 1.0)
      safe_yaml (~> 0.9)
      sass-rails (~> 4.0)
    rails_serve_static_assets (0.0.5)
    rails_stdout_logging (0.0.5)
    railties (4.0.13)
      actionpack (= 4.0.13)
      activesupport (= 4.0.13)
      rake (>= 0.8.7)
      thor (>= 0.18.1, < 2.0)
    raindrops (0.19.1)
    rake (13.0.3)
    redcarpet (3.3.2)
    ref (1.0.4)
    remotipart (1.0.2)
    request_store (1.5.0)
      rack (>= 1.4)
    rmagick (2.16.0)
    rspec-collection_matchers (1.2.0)
      rspec-expectations (>= 2.99.0.beta1)
    rspec-core (2.99.2)
    rspec-expectations (2.99.2)
      diff-lcs (>= 1.1.3, < 2.0)
    rspec-mocks (2.99.4)
    rspec-rails (2.99.0)
      actionpack (>= 3.0)
      activemodel (>= 3.0)
      activesupport (>= 3.0)
      railties (>= 3.0)
      rspec-collection_matchers
      rspec-core (~> 2.99.0)
      rspec-expectations (~> 2.99.0)
      rspec-mocks (~> 2.99.0)
    rubinius-actor (0.0.2)
      rubinius-core-api
    rubinius-core-api (0.0.1)
    ruby-hmac (0.4.0)
    ruby-openid (2.2.2)
    rubyzip (0.9.9)
    safe_yaml (0.9.7)
    sass (3.2.19)
    sass-rails (4.0.5)
      railties (>= 4.0.0, < 5.0)
      sass (~> 3.2.2)
      sprockets (~> 2.8, < 3.0)
      sprockets-rails (~> 2.0)
    scrypt (3.0.7)
      ffi-compiler (>= 1.0, < 2.0)
    selenium-webdriver (2.27.2)
      childprocess (>= 0.2.5)
      libwebsocket (~> 0.1.3)
      multi_json (~> 1.0)
      rubyzip
    simple-rss (1.2.3)
    slop (3.3.3)
    spork (0.9.2)
    sprockets (2.12.5)
      hike (~> 1.2)
      multi_json (~> 1.0)
      rack (~> 1.0)
      tilt (~> 1.1, != 1.3.0)
    sprockets-rails (2.3.3)
      actionpack (>= 3.0)
      activesupport (>= 3.0)
      sprockets (>= 2.8, < 4.0)
    syck (1.4.0)
    systemu (2.5.2)
    test-unit (3.3.6)
      power_assert
    therubyracer (0.11.4)
      libv8 (~> 3.11.8.12)
      ref
    thor (1.1.0)
    thread_safe (0.3.6)
    tilt (1.4.1)
    tzinfo (0.3.60)
    uglifier (1.3.0)
      execjs (>= 0.3.0)
      multi_json (~> 1.0, >= 1.0.2)
    unf (0.1.4)
      unf_ext
    unf_ext (0.0.7.7)
    unicorn (4.5.0)
      kgio (~> 2.6)
      rack
      raindrops (~> 0.7)
    uuid (2.3.6)
      macaddr (~> 1.0)
    valid_email (0.0.4)
      activemodel
      mail
    websocket (1.0.6)
    will_paginate (3.0.5)
    xml-simple (1.1.2)
    xpath (1.0.0)
      nokogiri (~> 1.3)

PLATFORMS
  ruby

DEPENDENCIES
  aasm (= 3.0.19)
  acts_as_paranoid (= 0.5.0)
  acts_as_tree (= 1.6.1)
  annotate
  ar_after_transaction
  artifice
  audited-activerecord (= 4.0.0)
  authlogic (= 3.5.0)
  awesome_print
  aws-s3
  better_errors
  binding_of_caller
  bootstrap_form (~> 1.0.0)
  calendar_helper
  cancan
  capybara
  carrierwave
  coffee-rails (~> 4.0.0)
  cucumber
  cucumber-rails
  dalli
  database_cleaner
  dynamic_form
  exception_notification
  feed-normalizer
  fog (= 1.19.0)
  geokit-rails (= 2.0.1)
  gibbon!
  girl_friday
  git
  guard-spork
  heroku-api
  highline
  json (~> 1.8.1)
  kgio
  memcachier
  meta_request
  oauth
  open_id_authentication!
  opentransact
  pg (= 0.17.1)
  rack
  rack-test
  rails (= 4.0.13)
  rails_12factor
  rails_admin (= 0.5.0)
  raindrops
  redcarpet
  remotipart
  rmagick (= 2.16.0)
  rspec-rails (~> 2.13)
  ruby-openid
  sass-rails (~> 4.0.0)
  scrypt
  spork
  syck
  test-unit
  texticle!
  therubyracer
  uglifier (>= 1.3.0)
  unf
  unicorn
  uuid
  valid_email
  will_paginate

RUBY VERSION
   ruby 2.3.8p459

BUNDLED WITH
   1.16.6
